GEM
  remote: https://rubygems.org/
  specs:
    blankslate (2.1.2.4)
    diff-lcs (1.2.1)
    ffi (1.4.0)
    ffi (1.4.0-x86-mingw32)
    parslet (1.5.0)
      blankslate (~> 2.0)
    rspec (2.13.0)
      rspec-core (~> 2.13.0)
      rspec-expectations (~> 2.13.0)
      rspec-mocks (~> 2.13.0)
    rspec-core (2.13.0)
    rspec-expectations (2.13.0)
      diff-lcs (>= 1.1.3, < 2.0)
    rspec-mocks (2.13.0)
    ruby-llvm (3.1.0.beta.1)
      ffi (>= 1.0.0)

PLATFORMS
  ruby
  x86-mingw32

DEPENDENCIES
  parslet
  rspec
  ruby-llvm (= 3.1.0.beta.1)
