GEM
  remote: https://rubygems.org/
  specs:
    blankslate (2.1.2.4)
    ffi (1.4.0)
    ffi (1.4.0-x86-mingw32)
    parslet (1.5.0)
      blankslate (~> 2.0)
    ruby-llvm (3.1.0.beta.1)
      ffi (>= 1.0.0)

PLATFORMS
  ruby
  x86-mingw32

DEPENDENCIES
  parslet
  ruby-llvm (= 3.1.0.beta.1)
